GEM
  remote: https://rubygems.org/
  specs:
    minitest (5.14.4)
    minitest-color (0.0.2)
      minitest (~> 5)

PLATFORMS
  ruby

DEPENDENCIES
  minitest
  minitest-color

BUNDLED WITH
   2.1.4
